GEM
  remote: https://rubygems.org/
  specs:
    archive-tar-minitar (0.12)
      minitar (~> 0.12)
      minitar-cli (~> 0.12)
    concurrent-ruby (1.3.4)
    deep_merge (1.2.2)
    diff-lcs (1.5.1)
    facter (4.10.0)
      hocon (~> 1.3)
      thor (>= 1.0.1, < 1.3)
    faraday (2.12.1)
      faraday-net_http (>= 2.0, < 3.5)
      json
      logger
    faraday-follow_redirects (0.3.0)
      faraday (>= 1, < 3)
    faraday-net_http (3.4.0)
      net-http (>= 0.5.0)
    fast_gettext (3.1.0)
      prime
    forwardable (1.3.3)
    getoptlong (0.2.1)
    hashie (5.0.0)
    hiera (3.12.0)
    hocon (1.4.0)
    json (2.9.0)
    librarian-puppet (5.0.0)
      librarianp (>= 0.6.3)
      puppet_forge (>= 2.1, < 5)
      rsync
    librarianp (1.1.2)
      thor (~> 1.0)
    locale (2.1.4)
    logger (1.6.2)
    minitar (0.12.1)
    minitar-cli (0.12)
      minitar (~> 0.12.0)
      powerbar (~> 1.0)
    mocha (2.7.0)
      ruby2_keywords (>= 0.0.5)
    multi_json (1.15.0)
    net-http (0.6.0)
      uri
    pathspec (2.1.0)
    powerbar (1.0.18)
      hashie (>= 1.1.0)
    prime (0.1.3)
      forwardable
      singleton
    puppet (8.10.0)
      concurrent-ruby (~> 1.0)
      deep_merge (~> 1.0)
      facter (>= 4.3.0, < 5)
      fast_gettext (>= 2.1, < 4)
      getoptlong (~> 0.2.0)
      locale (~> 2.1)
      multi_json (~> 1.13)
      puppet-resource_api (~> 1.5)
      scanf (~> 1.0)
      semantic_puppet (~> 1.0)
    puppet-lint (4.2.4)
    puppet-resource_api (1.9.0)
      hocon (>= 1.0)
    puppet-syntax (4.1.1)
      puppet (>= 7, < 9)
      rake (~> 13.1)
    puppet_forge (4.1.0)
      faraday (~> 2.0)
      faraday-follow_redirects (~> 0.3.0)
      minitar
      semantic_puppet (~> 1.0)
    puppetlabs_spec_helper (8.0.0)
      mocha (>= 1.0, < 3)
      pathspec (>= 0.2, < 3)
      puppet-lint (~> 4.0)
      puppet-syntax (~> 4.1, >= 4.1.1)
      rspec-github (~> 2.0)
      rspec-puppet (~> 5.0)
    rake (13.2.1)
    rspec (3.13.0)
      rspec-core (~> 3.13.0)
      rspec-expectations (~> 3.13.0)
      rspec-mocks (~> 3.13.0)
    rspec-core (3.13.2)
      rspec-support (~> 3.13.0)
    rspec-expectations (3.13.3)
      diff-lcs (>= 1.2.0, < 2.0)
      rspec-support (~> 3.13.0)
    rspec-github (2.4.0)
      rspec-core (~> 3.0)
    rspec-mocks (3.13.2)
      diff-lcs (>= 1.2.0, < 2.0)
      rspec-support (~> 3.13.0)
    rspec-puppet (5.0.0)
      rspec (~> 3.0)
    rspec-support (3.13.2)
    rsync (1.0.9)
    ruby2_keywords (0.0.5)
    scanf (1.0.0)
    semantic_puppet (1.1.0)
    singleton (0.3.0)
    thor (1.2.2)
    uri (1.0.2)

PLATFORMS
  ruby

DEPENDENCIES
  archive-tar-minitar (~> 0.8)
  deep_merge
  facter
  hiera
  librarian-puppet
  puppet
  puppet-lint
  puppet-syntax
  puppetlabs_spec_helper
  rake
  rspec-puppet

BUNDLED WITH
   2.5.22
